PATH
  remote: .
  specs:
    rxgettext (0.0.1)
      parser (>= 2.4.0.0, < 3.0)

GEM
  remote: https://rubygems.org/
  specs:
    ast (2.3.0)
    diff-lcs (1.3)
    parser (2.4.0.0)
      ast (~> 2.2)
    rake (12.0.0)
    rspec (3.5.0)
      rspec-core (~> 3.5.0)
      rspec-expectations (~> 3.5.0)
      rspec-mocks (~> 3.5.0)
    rspec-core (3.5.4)
      rspec-support (~> 3.5.0)
    rspec-expectations (3.5.0)
      diff-lcs (>= 1.2.0, < 2.0)
      rspec-support (~> 3.5.0)
    rspec-mocks (3.5.0)
      diff-lcs (>= 1.2.0, < 2.0)
      rspec-support (~> 3.5.0)
    rspec-support (3.5.0)

PLATFORMS
  ruby

DEPENDENCIES
  rake
  rspec (~> 3.5)
  rxgettext!

BUNDLED WITH
   1.14.6
